GIT
  remote: https://github.com/axsh/racket.git
  revision: c8ae65fa5dc2ca5c31be3cc3d55b848967cd6af4
  specs:
    racket (1.0.12)
      bit-struct

GIT
  remote: https://github.com/axsh/rant.git
  revision: ceede443b6d9ff40299b0e5f4e625f3f8deb8e97
  specs:
    rant (0.5.9.1)

GIT
  remote: https://github.com/trema/trema.git
  revision: cb65603b4f9ece990a02a26d36fbf8f1d49666f2
  specs:
    trema (0.10.0)
      bundler (~> 1.11.2)
      gli (~> 2.13.4)
      phut (~> 0.7.7)
      pio (~> 0.30.0)

GEM
  remote: http://rubygems.org/
  specs:
    POpen4 (0.1.4)
      Platform (>= 0.4.0)
      open4
    Platform (0.4.0)
    activesupport (4.2.5.1)
      i18n (~> 0.7)
      json (~> 1.7, >= 1.7.7)
      minitest (~> 5.1)
      thread_safe (~> 0.3, >= 0.3.4)
      tzinfo (~> 1.1)
    addressable (2.4.0)
    backports (3.6.8)
    bindata (2.1.0)
    bit-struct (0.15.0)
    byebug (8.2.2)
    celluloid (0.16.0)
      timers (~> 4.0.0)
    celluloid-io (0.16.2)
      celluloid (>= 0.16.0)
      nio4r (>= 1.1.0)
    celluloid-redis (0.0.2)
      celluloid-io (>= 0.13.0.pre)
      redis
    celluloid-zmq (0.16.1)
      celluloid (~> 0.16)
      ffi
      ffi-rzmq
    coderay (1.1.1)
    coveralls (0.8.11)
      json (~> 1.8)
      simplecov (~> 0.11.0)
      term-ansicolor (~> 1.3)
      thor (~> 0.19.1)
      tins (~> 1.6.0)
    crack (0.4.3)
      safe_yaml (~> 1.0.0)
    database_cleaner (1.5.1)
    dcell (0.16.1)
      celluloid (~> 0.16.0)
      celluloid-redis
      celluloid-zmq (~> 0.16.0)
      http (~> 0.5.0)
      redis-namespace
      reel (~> 0.4.0)
    diff-lcs (1.2.5)
    docile (1.1.5)
    fabrication (2.9.8)
    ffi (1.9.10)
    ffi-rzmq (2.0.4)
      ffi-rzmq-core (>= 1.0.1)
    ffi-rzmq-core (1.0.4)
      ffi (~> 1.9)
    fuguta (1.0.4.1)
    gli (2.13.4)
    hashdiff (0.3.0)
    hitimes (1.2.3)
    http (0.5.1)
      http_parser.rb
    http_parser.rb (0.6.0)
    i18n (0.7.0)
    ipaddress (0.8.3)
    json (1.8.3)
    kgio (2.10.0)
    method_source (0.8.2)
    minitest (5.8.4)
    multi_json (1.11.2)
    mysql2 (0.4.2)
    net-dhcp (1.3.2)
    net-dns (0.8.0)
    nio4r (1.2.1)
    open4 (1.3.4)
    paper_house (0.5.0)
      POpen4 (~> 0.1.4)
      rake (~> 10.1.0)
    phut (0.7.7)
      activesupport (~> 4.2, >= 4.2.5)
      gli (~> 2.13.4)
      pio (~> 0.30.0)
      pry (~> 0.10.3)
    pio (0.30.0)
      activesupport (~> 4.2, >= 4.2.4)
      bindata (~> 2.1.0)
    pry (0.10.3)
      coderay (~> 1.1.0)
      method_source (~> 0.8.1)
      slop (~> 3.4)
    pry-byebug (3.3.0)
      byebug (~> 8.0)
      pry (~> 0.10)
    rack (1.6.4)
    rack-cors (0.4.0)
    rack-protection (1.5.3)
      rack
    rack-test (0.6.3)
      rack (>= 1.0)
    raindrops (0.15.0)
    rake (10.1.1)
    redis (3.2.2)
    redis-namespace (1.5.2)
      redis (~> 3.0, >= 3.0.4)
    reel (0.4.0)
      celluloid (>= 0.15.1)
      celluloid-io (>= 0.15.0)
      http (>= 0.5.0)
      http_parser.rb (>= 0.6.0.beta.2)
      websocket_parser (>= 0.1.4)
    rspec (3.4.0)
      rspec-core (~> 3.4.0)
      rspec-expectations (~> 3.4.0)
      rspec-mocks (~> 3.4.0)
    rspec-core (3.4.3)
      rspec-support (~> 3.4.0)
    rspec-expectations (3.4.0)
      diff-lcs (>= 1.2.0, < 2.0)
      rspec-support (~> 3.4.0)
    rspec-mocks (3.4.1)
      diff-lcs (>= 1.2.0, < 2.0)
      rspec-support (~> 3.4.0)
    rspec-support (3.4.1)
    safe_yaml (1.0.4)
    sequel (4.8.0)
    sequel_paranoia (0.0.7)
    simplecov (0.11.2)
      docile (~> 1.1.0)
      json (~> 1.8)
      simplecov-html (~> 0.10.0)
    simplecov-html (0.10.0)
    sinatra (1.4.7)
      rack (~> 1.5)
      rack-protection (~> 1.4)
      tilt (>= 1.3, < 3)
    sinatra-browse (0.6.1)
    sinatra-contrib (1.4.6)
      backports (>= 2.0)
      multi_json
      rack-protection
      rack-test
      sinatra (~> 1.4.0)
      tilt (>= 1.3, < 3)
    sinatra-hashfix (0.1.0)
      sinatra (>= 0.9.0)
    slop (3.6.0)
    term-ansicolor (1.3.2)
      tins (~> 1.0)
    thor (0.19.1)
    thread_safe (0.3.5)
    tilt (2.0.2)
    timers (4.0.4)
      hitimes
    tins (1.6.0)
    tzinfo (1.2.2)
      thread_safe (~> 0.1)
    unicorn (5.0.1)
      kgio (~> 2.6)
      rack
      raindrops (~> 0.7)
    webmock (1.24.0)
      addressable (>= 2.3.6)
      crack (>= 0.3.2)
      hashdiff
    websocket_parser (1.0.0)

PLATFORMS
  ruby

DEPENDENCIES
  activesupport (~> 4.2)
  bit-struct (>= 0.13.7)
  celluloid (= 0.16.0)
  celluloid-io (= 0.16.2)
  coveralls
  database_cleaner
  dcell
  fabrication (= 2.9.8)
  ffi-rzmq
  fuguta
  ipaddress
  json
  mysql2
  net-dhcp (>= 1.1.1)
  net-dns
  paper_house (~> 0.5.0)
  pry-byebug
  rack
  rack-cors
  rack-test
  racket (>= 1.0.12)!
  rake
  rant (>= 0.5.9)!
  rspec
  sequel (= 4.8.0)
  sequel_paranoia
  sinatra
  sinatra-browse (>= 0.6.1)
  sinatra-contrib
  sinatra-hashfix
  trema!
  unicorn
  webmock

BUNDLED WITH
   1.11.2
